GEM
  remote: https://rubygems.org/
  specs:
    diff-lcs (1.2.5)
    polyglot (0.3.5)
    rspec (3.2.0)
      rspec-core (~> 3.2.0)
      rspec-expectations (~> 3.2.0)
      rspec-mocks (~> 3.2.0)
    rspec-core (3.2.0)
      rspec-support (~> 3.2.0)
    rspec-expectations (3.2.0)
      diff-lcs (>= 1.2.0, < 2.0)
      rspec-support (~> 3.2.0)
    rspec-mocks (3.2.0)
      diff-lcs (>= 1.2.0, < 2.0)
      rspec-support (~> 3.2.0)
    rspec-support (3.2.1)
    treetop (1.5.3)
      polyglot (~> 0.3)

PLATFORMS
  ruby

DEPENDENCIES
  rspec
  treetop
